GEM
  remote: https://rubygems.org/
  specs:
    faker (1.7.3)
      i18n (~> 0.5)
    ffi (1.9.18)
    i18n (0.8.4)
    listen (3.1.5)
      rb-fsevent (~> 0.9, >= 0.9.4)
      rb-inotify (~> 0.9, >= 0.9.7)
      ruby_dep (~> 1.2)
    mustermann (1.0.0)
    rack (2.0.3)
    rack-protection (2.0.0)
      rack
    rb-fsevent (0.9.8)
    rb-inotify (0.9.10)
      ffi (>= 0.5.0, < 2)
    rerun (0.11.0)
      listen (~> 3.0)
    ruby_dep (1.5.0)
    sinatra (2.0.0)
      mustermann (~> 1.0)
      rack (~> 2.0)
      rack-protection (= 2.0.0)
      tilt (~> 2.0)
    tilt (2.0.7)

PLATFORMS
  ruby

DEPENDENCIES
  faker (~> 1.7, >= 1.7.3)
  rerun (~> 0.11.0)
  sinatra (~> 2.0)

BUNDLED WITH
   1.15.1
